GEM
  remote: https://rubygems.org/
  specs:
    colorator (1.1.0)
    did_you_mean (1.4.0)
    etc (1.1.0)
    ffi (1.9.14)
    fileutils (1.4.1)
    forwardable (1.3.1)
    forwardable-extended (2.6.0)
    ipaddr (1.2.2)
    jekyll (3.2.0)
      colorator (~> 1.0)
      jekyll-sass-converter (~> 1.0)
      jekyll-watch (~> 1.1)
      kramdown (~> 1.3)
      liquid (~> 3.0)
      mercenary (~> 0.3.3)
      pathutil (~> 0.9)
      rouge (~> 1.7)
      safe_yaml (~> 1.0)
    jekyll-sass-converter (1.4.0)
      sass (~> 3.4)
    jekyll-seo-tag (2.0.0)
      jekyll (~> 3.1)
    jekyll-watch (1.5.0)
      listen (~> 3.0, < 3.1)
    kramdown (1.11.1)
    liquid (3.0.6)
    listen (3.0.8)
      rb-fsevent (~> 0.9, >= 0.9.4)
      rb-inotify (~> 0.9, >= 0.9.7)
    mercenary (0.3.6)
    openssl (2.1.2)
      ipaddr
    pathutil (0.14.0)
      forwardable-extended (~> 2.6)
    rb-fsevent (0.9.7)
    rb-inotify (0.9.7)
      ffi (>= 0.5.0)
    rouge (1.11.1)
    safe_yaml (1.0.4)
    sass (3.4.22)
    stringio (0.1.0)
    strscan (1.0.3)
    timeout (0.1.0)
    uri (0.10.0)
    zlib (1.1.0)

PLATFORMS
  ruby

DEPENDENCIES
  did_you_mean
  etc
  fileutils
  forwardable
  ipaddr
  jekyll
  jekyll-seo-tag
  openssl
  stringio
  strscan
  timeout
  uri
  zlib

BUNDLED WITH
   1.13.1
